GEM
  remote: http://rubygems.org/
  specs:
    diff-lcs (1.1.2)
    json (1.5.1)
    net-irc (0.0.9)
    oauth (0.4.4)
    rake (0.8.7)
    rspec (2.5.0)
      rspec-core (~> 2.5.0)
      rspec-expectations (~> 2.5.0)
      rspec-mocks (~> 2.5.0)
    rspec-core (2.5.1)
    rspec-expectations (2.5.0)
      diff-lcs (~> 1.1.2)
    rspec-mocks (2.5.0)
    sqlite3-ruby (1.2.5)

PLATFORMS
  ruby

DEPENDENCIES
  json
  net-irc
  oauth
  rake
  rspec
  sqlite3-ruby (~> 1.2.5)
